GEM
  remote: http://rubygems.org/
  specs:
    activemodel (3.1.1)
      activesupport (= 3.1.1)
      builder (~> 3.0.0)
      i18n (~> 0.6)
    activerecord (3.1.1)
      activemodel (= 3.1.1)
      activesupport (= 3.1.1)
      arel (~> 2.2.1)
      tzinfo (~> 0.3.29)
    activesupport (3.1.1)
      multi_json (~> 1.0)
    addressable (2.2.6)
    arel (2.2.1)
    builder (3.0.0)
    i18n (0.6.0)
    launchy (2.0.5)
      addressable (~> 2.2.6)
    mime-types (1.16)
    multi_json (1.0.3)
    pg (0.11.0)
    rack (1.3.5)
    rest-client (1.6.7)
      mime-types (>= 1.16)
    rubyzip (0.9.4)
    sequel (3.20.0)
    sinatra (1.0)
      rack (>= 1.0)
    sinatra-activerecord (0.1.3)
      sinatra (>= 0.9.4)
    term-ansicolor (1.0.7)
    tzinfo (0.3.30)

PLATFORMS
  ruby

DEPENDENCIES
  activerecord
  pg
  sinatra
  sinatra-activerecord
